GEM
  remote: http://rubygems.org/
  specs:
    concurrent-ruby (0.8.0)
      ref (~> 1.0, >= 1.0.5)
    concurrent-ruby-ext (0.8.0)
      concurrent-ruby (~> 0.8.0)
    execjs (2.5.2)
    haml (4.0.5)
      tilt
    rack (1.6.0)
    rack-protection (1.5.3)
      rack
    ref (1.0.5)
    sinatra (1.4.6)
      rack (~> 1.4)
      rack-protection (~> 1.4)
      tilt (>= 1.3, < 3)
    tilt (1.4.1)

PLATFORMS
  ruby

DEPENDENCIES
  concurrent-ruby (~> 0.8.0)
  concurrent-ruby-ext (~> 0.8.0)
  execjs
  haml
  sinatra
